PATH
  remote: .
  specs:
    quimby (0.5.1)
      hashie
      json
      multipart-post
      typhoeus

GEM
  remote: http://rubygems.org/
  specs:
    ZenTest (4.6.2)
    diff-lcs (1.1.3)
    hashie (1.2.0)
    json (1.6.5)
    mime-types (1.17.2)
    multipart-post (1.1.5)
    rspec (2.8.0)
      rspec-core (~> 2.8.0)
      rspec-expectations (~> 2.8.0)
      rspec-mocks (~> 2.8.0)
    rspec-core (2.8.0)
    rspec-expectations (2.8.0)
      diff-lcs (~> 1.1.2)
    rspec-mocks (2.8.0)
    typhoeus (0.3.3)
      mime-types

PLATFORMS
  ruby

DEPENDENCIES
  ZenTest
  quimby!
  rspec
